PATH
  remote: .
  specs:
    packer (0.0.1)
      git (>= 1.2.5)
      sinatra (>= 1.3.2)
      thin (>= 1.4.1)
      trollop (>= 1.16.2)

GEM
  remote: https://rubygems.org/
  specs:
    daemons (1.1.8)
    eventmachine (0.12.10)
    git (1.2.5)
    metaclass (0.0.1)
    mocha (0.12.3)
      metaclass (~> 0.0.1)
    rack (1.4.1)
    rack-protection (1.2.0)
      rack
    sinatra (1.3.2)
      rack (~> 1.3, >= 1.3.6)
      rack-protection (~> 1.2)
      tilt (~> 1.3, >= 1.3.3)
    thin (1.4.1)
      daemons (>= 1.0.9)
      eventmachine (>= 0.12.6)
      rack (>= 1.0.0)
    tilt (1.3.3)
    trollop (1.16.2)

PLATFORMS
  ruby

DEPENDENCIES
  mocha (= 0.12.3)
  packer!
